GEM
  remote: https://rubygems.org/
  specs:
    ast (2.4.0)
    opal (1.0.0.beta1)
      ast (>= 2.3.0)
      parser (= 2.5.3.0)
    opal-browser (0.2.0)
      opal
      paggio
    paggio (0.2.6)
    parser (2.5.3.0)
      ast (~> 2.4.0)
    rack (2.0.7)
    rake (12.3.2)

PLATFORMS
  ruby

DEPENDENCIES
  opal (~> 1.0.0.beta1)
  opal-browser (~> 0.2.0)
  rack (~> 2.0, >= 2.0.7)
  rake (~> 12.3, >= 12.3.2)

BUNDLED WITH
   1.17.1
